GIT
  remote: https://github.com/gorsuch/nugget.git
  revision: ab3d749506a7a07532973ad4daa76ff0fb5233df
  branch: explicit-gemspec
  specs:
    nugget (0.0.4)
      mixlib-cli
      mixlib-config
      mixlib-log
      thin
      turd
      yajl-ruby

GEM
  remote: https://www.rubygems.org/
  specs:
    daemons (1.1.9)
    ethon (0.6.2)
      ffi (>= 1.3.0)
      mime-types (~> 1.18)
    eventmachine (1.0.3)
    ffi (1.9.3)
    mime-types (1.25.1)
    mixlib-cli (1.4.0)
    mixlib-config (2.1.0)
    mixlib-log (1.6.0)
    rack (1.5.2)
    thin (1.6.1)
      daemons (>= 1.0.9)
      eventmachine (>= 1.0.0)
      rack (>= 1.0.0)
    turd (0.0.3)
      typhoeus
    typhoeus (0.6.7)
      ethon (~> 0.6.2)
    yajl-ruby (1.2.0)

PLATFORMS
  ruby

DEPENDENCIES
  nugget!
